GEM
  remote: https://rubygems.org/
  specs:
    fileutils (1.2.0)
    git (1.5.0)

PLATFORMS
  ruby
  x64-mingw32

DEPENDENCIES
  fileutils (= 1.2.0)
  git (= 1.5.0)

BUNDLED WITH
   1.17.3
